PATH
  remote: ../contact_agent
  specs:
    contact_agent (0.0.4)
      faraday
      hashie
      multi_json
      oj

GEM
  remote: https://rubygems.org/
  specs:
    faraday (0.8.7)
      multipart-post (~> 1.1)
    hashie (2.0.5)
    multi_json (1.7.7)
    multipart-post (1.2.0)
    oj (2.1.1)

PLATFORMS
  ruby

DEPENDENCIES
  contact_agent!
